PATH
  remote: .
  specs:
    deadlock_retry (2.0.0)

GEM
  remote: http://rubygems.org/
  specs:
    activemodel (3.2.22.5)
      activesupport (= 3.2.22.5)
      builder (~> 3.0.0)
    activerecord (3.2.22.5)
      activemodel (= 3.2.22.5)
      activesupport (= 3.2.22.5)
      arel (~> 3.0.2)
      tzinfo (~> 0.3.29)
    activesupport (3.2.22.5)
      i18n (~> 0.6, >= 0.6.4)
      multi_json (~> 1.0)
    arel (3.0.3)
    builder (3.0.4)
    concurrent-ruby (1.0.5)
    i18n (0.9.1)
      concurrent-ruby (~> 1.0)
    metaclass (0.0.4)
    minitest (5.11.1)
    mocha (1.1.0)
      metaclass (~> 0.0.1)
    multi_json (1.13.1)
    rake (12.3.0)
    tzinfo (0.3.53)

PLATFORMS
  ruby

DEPENDENCIES
  activerecord (~> 3.0)
  deadlock_retry!
  minitest
  mocha
  rake

BUNDLED WITH
   1.16.0
